GIT
  remote: git://github.com/crindt/nesta-plugin-foldable.git
  revision: 5884b6496f392ed2b7e5f19bcd8caf8f59b4a0b2
  branch: master
  specs:
    nesta-plugin-foldable (0.0.4)
      nesta (>= 0.9.13)

GIT
  remote: git://github.com/crindt/nesta-plugin-vpim.git
  revision: c426eca8f8f96ff5c7b863a938b5d79902c964ff
  branch: master
  specs:
    nesta-plugin-vpim (0.0.1)
      nesta (>= 0.9.11)
      vcard (>= 0.1.1)

GIT
  remote: git://github.com/gma/nesta.git
  revision: 858af82c8b0627f6621ad9fcbcfdb26f7118cd4a
  branch: master
  specs:
    nesta (0.9.13)
      RedCloth (~> 4.2)
      haml (~> 3.1)
      rack (~> 1.1)
      rdiscount (~> 1.6)
      sass (~> 3.1)
      shotgun (>= 0.8)
      sinatra (~> 1.3)

GEM
  remote: http://rubygems.org/
  specs:
    RedCloth (4.2.9)
    haml (3.1.6)
    rack (1.4.1)
    rack-protection (1.2.0)
      rack
    rdiscount (1.6.8)
    sass (3.1.19)
    shotgun (0.9)
      rack (>= 1.0)
    sinatra (1.3.2)
      rack (~> 1.3, >= 1.3.6)
      rack-protection (~> 1.2)
      tilt (~> 1.3, >= 1.3.3)
    tilt (1.3.3)
    vcard (0.1.1)

PLATFORMS
  ruby

DEPENDENCIES
  nesta!
  nesta-plugin-foldable!
  nesta-plugin-vpim!
